GEM
  remote: https://rubygems.org/
  specs:
    activemodel (5.1.5)
      activesupport (= 5.1.5)
    activerecord (5.1.5)
      activemodel (= 5.1.5)
      activesupport (= 5.1.5)
      arel (~> 8.0)
    activesupport (5.1.5)
      concurrent-ruby (~> 1.0, >= 1.0.2)
      i18n (~> 0.7)
      minitest (~> 5.1)
      tzinfo (~> 1.1)
    arel (8.0.0)
    byebug (10.0.0)
    coderay (1.1.2)
    concurrent-ruby (1.0.5)
    concurrent-ruby (1.0.5-java)
    diff-lcs (1.3)
    ffi (1.9.25-java)
    i18n (0.9.5)
      concurrent-ruby (~> 1.0)
    method_source (0.9.0)
    minitest (5.11.3)
    pry (0.11.3)
      coderay (~> 1.1.0)
      method_source (~> 0.9.0)
    pry (0.11.3-java)
      coderay (~> 1.1.0)
      method_source (~> 0.9.0)
      spoon (~> 0.0)
    pry-byebug (3.6.0)
      byebug (~> 10.0)
      pry (~> 0.10)
    rainbow (3.0.0)
    rake (12.3.0)
    rspec (3.7.0)
      rspec-core (~> 3.7.0)
      rspec-expectations (~> 3.7.0)
      rspec-mocks (~> 3.7.0)
    rspec-core (3.7.1)
      rspec-support (~> 3.7.0)
    rspec-expectations (3.7.0)
      diff-lcs (>= 1.2.0, < 2.0)
      rspec-support (~> 3.7.0)
    rspec-mocks (3.7.0)
      diff-lcs (>= 1.2.0, < 2.0)
      rspec-support (~> 3.7.0)
    rspec-support (3.7.1)
    spoon (0.0.6)
      ffi
    sqlite3 (1.3.13)
    sqlite3 (1.3.13-x64-mingw32)
    sqlite3 (1.3.13-x86-mingw32)
    sqlite3 (1.3.13-x86-mswin32-60)
    thread_safe (0.3.6)
    thread_safe (0.3.6-java)
    tzinfo (1.2.5)
      thread_safe (~> 0.1)

PLATFORMS
  java
  ruby
  x64-mingw32
  x86-mingw32
  x86-mswin32

DEPENDENCIES
  activerecord
  byebug
  minitest
  pry-byebug
  rainbow
  rake
  rspec
  sqlite3

BUNDLED WITH
   1.16.2
